PATH
  remote: .
  specs:
    hub_store (0.1.0)
      activerecord
      dotenv
      hub_link
      sqlite3

GEM
  remote: https://rubygems.org/
  specs:
    activemodel (5.2.2)
      activesupport (= 5.2.2)
    activerecord (5.2.2)
      activemodel (= 5.2.2)
      activesupport (= 5.2.2)
      arel (>= 9.0)
    activesupport (5.2.2)
      concurrent-ruby (~> 1.0, >= 1.0.2)
      i18n (>= 0.7, < 2)
      minitest (~> 5.1)
      tzinfo (~> 1.1)
    addressable (2.5.2)
      public_suffix (>= 2.0.2, < 4.0)
    arel (9.0.0)
    concurrent-ruby (1.1.4)
    dotenv (2.6.0)
    faraday (0.15.4)
      multipart-post (>= 1.2, < 3)
    faraday-detailed_logger (2.1.2)
      faraday (~> 0.8)
    faraday_middleware (0.12.2)
      faraday (>= 0.7.4, < 1.0)
    hub_link (0.1.0)
      activesupport
      dotenv
      faraday-detailed_logger
      faraday_middleware
      octokit
    i18n (1.5.1)
      concurrent-ruby (~> 1.0)
    minitest (5.11.3)
    multipart-post (2.0.0)
    octokit (4.13.0)
      sawyer (~> 0.8.0, >= 0.5.3)
    public_suffix (3.0.3)
    rake (10.5.0)
    sawyer (0.8.1)
      addressable (>= 2.3.5, < 2.6)
      faraday (~> 0.8, < 1.0)
    sqlite3 (1.3.13)
    thread_safe (0.3.6)
    tzinfo (1.2.5)
      thread_safe (~> 0.1)

PLATFORMS
  ruby

DEPENDENCIES
  bundler
  hub_store!
  minitest (~> 5.0)
  rake (~> 10.0)

BUNDLED WITH
   2.0.1
